FRAMEWORK: NET35
NUGET
  remote: https://www.nuget.org/api/v2
    WPFToolkit (3.5.50211.1)
